GEM
  remote: https://rubygems.org/
  specs:
    unloosen (0.1.1)

PLATFORMS
  aarch64-linux
  ruby

DEPENDENCIES
  unloosen

BUNDLED WITH
   2.5.22
